GEM
  remote: http://rubygems.org/
  specs:
    builder (3.0.0)
    haml (3.1.2)
    happymapper (0.3.2)
      libxml-ruby (~> 1.1.3)
    json (1.5.3)
    libxml-ruby (1.1.4)
    mime-types (1.16)
    nokogiri (1.4.3.1)
    pivotal-tracker (0.3.1)
      builder
      happymapper (>= 0.3.2)
      nokogiri (~> 1.4.3.1)
      rest-client (~> 1.6.0)
    rack (1.3.0)
    rest-client (1.6.3)
      mime-types (>= 1.16)
    sass (3.1.3)
    shotgun (0.9)
      rack (>= 1.0)
    sinatra (1.2.6)
      rack (~> 1.1)
      tilt (< 2.0, >= 1.2.2)
    sinatra-config-file (0.6.1)
      sinatra (~> 1.0)
    tilt (1.3.2)
    yajl-ruby (0.8.2)

PLATFORMS
  ruby

DEPENDENCIES
  haml
  json
  pivotal-tracker
  sass
  shotgun
  sinatra
  sinatra-config-file
  yajl-ruby
